GIT
  remote: https://github.com/SalmonMode/watir_pump.git
  revision: 1306483d1cff631910d4f55e1695e8a348747356
  branch: watir-6.17
  specs:
    watir_pump (0.4.8)
      activesupport (>= 4.0.0)
      addressable (~> 2.5)
      watir (~> 6.17)

GEM
  remote: https://rubygems.org/
  specs:
    activesupport (6.1.2)
      concurrent-ruby (~> 1.0, >= 1.0.2)
      i18n (>= 1.6, < 2)
      minitest (>= 5.1)
      tzinfo (~> 2.0)
      zeitwerk (~> 2.3)
    addressable (2.7.0)
      public_suffix (>= 2.0.2, < 5.0)
    ast (2.4.2)
    backport (1.1.2)
    benchmark (0.1.1)
    childprocess (3.0.0)
    concurrent-ruby (1.1.8)
    e2mmap (0.1.0)
    i18n (1.8.8)
      concurrent-ruby (~> 1.0)
    jaro_winkler (1.5.4)
    kramdown (2.3.0)
      rexml
    kramdown-parser-gfm (1.1.0)
      kramdown (~> 2.0)
    minitest (5.14.3)
    nokogiri (1.11.1-x86_64-darwin)
      racc (~> 1.4)
    parallel (1.20.1)
    parser (3.0.0.0)
      ast (~> 2.4.1)
    public_suffix (4.0.6)
    racc (1.5.2)
    rainbow (3.0.0)
    regexp_parser (1.8.2)
    reverse_markdown (2.0.0)
      nokogiri
    rexml (3.2.4)
    rubocop (1.9.1)
      parallel (~> 1.10)
      parser (>= 3.0.0.0)
      rainbow (>= 2.2.2, < 4.0)
      regexp_parser (>= 1.8, < 3.0)
      rexml
      rubocop-ast (>= 1.2.0, < 2.0)
      ruby-progressbar (~> 1.7)
      unicode-display_width (>= 1.4.0, < 3.0)
    rubocop-ast (1.4.1)
      parser (>= 2.7.1.5)
    ruby-progressbar (1.11.0)
    rubyzip (2.3.0)
    selenium-webdriver (3.142.7)
      childprocess (>= 0.5, < 4.0)
      rubyzip (>= 1.2.2)
    solargraph (0.40.3)
      backport (~> 1.1)
      benchmark
      bundler (>= 1.17.2)
      e2mmap
      jaro_winkler (~> 1.5)
      kramdown (~> 2.3)
      kramdown-parser-gfm (~> 1.1)
      parser (~> 3.0)
      reverse_markdown (>= 1.0.5, < 3)
      rubocop (>= 0.52)
      thor (~> 1.0)
      tilt (~> 2.0)
      yard (~> 0.9, >= 0.9.24)
    thor (1.1.0)
    tilt (2.0.10)
    tzinfo (2.0.4)
      concurrent-ruby (~> 1.0)
    unicode-display_width (2.0.0)
    watir (6.17.0)
      regexp_parser (~> 1.2)
      selenium-webdriver (~> 3.6)
    yard (0.9.26)
    zeitwerk (2.4.2)

PLATFORMS
  x86_64-darwin-19

DEPENDENCIES
  solargraph
  watir_pump!

BUNDLED WITH
   2.2.8
